GEM
  remote: https://rubygems.org/
  specs:
    addressable (2.8.6)
      public_suffix (>= 2.0.2, < 6.0)
    coderay (1.1.3)
    git (1.19.0)
      addressable (~> 2.8)
      rchardet (~> 1.8)
    method_source (1.0.0)
    pry (0.14.2)
      coderay (~> 1.1)
      method_source (~> 1.0)
    public_suffix (5.0.4)
    rchardet (1.8.0)

PLATFORMS
  x86_64-darwin-21

DEPENDENCIES
  git
  pry

BUNDLED WITH
   2.3.22
